GEM
  remote: https://rubygems.org/
  specs:
    chronic (0.10.2)
    figaro (1.1.1)
      thor (~> 0.14)
    thor (0.20.0)
    whenever (0.9.7)
      chronic (>= 0.6.3)

PLATFORMS
  ruby

DEPENDENCIES
  figaro
  whenever

BUNDLED WITH
   1.14.6
